GEM
  remote: http://rubygems.org/
  specs:
    actionmailer (2.3.12)
      actionpack (= 2.3.12)
    actionpack (2.3.12)
      activesupport (= 2.3.12)
      rack (~> 1.1.0)
    activerecord (2.3.12)
      activesupport (= 2.3.12)
    activeresource (2.3.12)
      activesupport (= 2.3.12)
    activesupport (2.3.12)
    authlogic (2.1.6)
      activesupport
    builder (3.0.0)
    chronic (0.5.0)
    cocaine (0.1.0)
    fastercsv (1.5.4)
    hoe (2.10.0)
      rake (~> 0.8)
    hoptoad_notifier (2.4.11)
      activesupport
      builder
    linguistics (1.0.8)
    mime-types (1.16)
    mysql (2.8.1)
    paperclip (2.3.15)
      activerecord (>= 2.3.0)
      activesupport (>= 2.3.2)
      cocaine (>= 0.0.2)
      mime-types
    rack (1.1.2)
    rails (2.3.12)
      actionmailer (= 2.3.12)
      actionpack (= 2.3.12)
      activerecord (= 2.3.12)
      activeresource (= 2.3.12)
      activesupport (= 2.3.12)
      rake (>= 0.8.3)
    rake (0.9.2)
    rdoc (3.8)
    test-unit (1.2.3)
      hoe (>= 1.5.1)
    will_paginate (2.3.15)

PLATFORMS
  ruby

DEPENDENCIES
  authlogic (>= 2.1.6)
  chronic
  fastercsv
  hoptoad_notifier
  linguistics
  mysql
  paperclip (>= 2.3.5)
  rails (~> 2.3.12)
  rdoc
  test-unit (= 1.2.3)
  will_paginate (>= 2.3.11)
